PATH
  remote: .
  specs:
    first_pass (0.1.0)
      json (>= 2.6)

GEM
  remote: https://rubygems.org/
  specs:
    json (2.15.1)

PLATFORMS
  arm64-darwin-24
  ruby

DEPENDENCIES
  first_pass!

BUNDLED WITH
   2.7.1
